GEM
  remote: https://rubygems.org/
  specs:
    activesupport-inflector (0.1.0)
    addressable (2.7.0)
      public_suffix (>= 2.0.2, < 5.0)
    cloud_events (0.3.1)
    coderay (1.1.3)
    concurrent-ruby (1.1.8)
    date (3.1.1)
    faraday (1.4.1)
      faraday-excon (~> 1.1)
      faraday-net_http (~> 1.0)
      faraday-net_http_persistent (~> 1.1)
      multipart-post (>= 1.2, < 3)
      ruby2_keywords (>= 0.0.4)
    faraday-excon (1.1.0)
    faraday-net_http (1.0.1)
    faraday-net_http_persistent (1.1.0)
    functions_framework (0.9.0)
      cloud_events (~> 0.1)
      puma (~> 4.3)
      rack (~> 2.1)
    gapic-common (0.4.1)
      faraday (~> 1.3)
      google-protobuf (~> 3.15, >= 3.15.2)
      googleapis-common-protos (>= 1.3.11, < 2.0)
      googleapis-common-protos-types (>= 1.0.6, < 2.0)
      googleauth (~> 0.15, >= 0.15.1)
      grpc (~> 1.36)
    google-cloud-core (1.6.0)
      google-cloud-env (~> 1.0)
      google-cloud-errors (~> 1.0)
    google-cloud-env (1.5.0)
      faraday (>= 0.17.3, < 2.0)
    google-cloud-errors (1.1.0)
    google-cloud-language (1.3.0)
      google-cloud-core (~> 1.5)
      google-cloud-language-v1 (~> 0.1)
      google-cloud-language-v1beta2 (~> 0.1)
    google-cloud-language-v1 (0.4.0)
      gapic-common (~> 0.3)
      google-cloud-errors (~> 1.0)
    google-cloud-language-v1beta2 (0.4.0)
      gapic-common (~> 0.3)
      google-cloud-errors (~> 1.0)
    google-protobuf (3.17.0)
    google-protobuf (3.17.0-universal-darwin)
    googleapis-common-protos (1.3.11)
      google-protobuf (~> 3.14)
      googleapis-common-protos-types (>= 1.0.6, < 2.0)
      grpc (~> 1.27)
    googleapis-common-protos-types (1.0.6)
      google-protobuf (~> 3.14)
    googleauth (0.16.2)
      faraday (>= 0.17.3, < 2.0)
      jwt (>= 1.4, < 3.0)
      memoist (~> 0.16)
      multi_json (~> 1.11)
      os (>= 0.9, < 2.0)
      signet (~> 0.14)
    grpc (1.37.1)
      google-protobuf (~> 3.15)
      googleapis-common-protos-types (~> 1.0)
    grpc (1.37.1-universal-darwin)
      google-protobuf (~> 3.15)
      googleapis-common-protos-types (~> 1.0)
    i18n (1.8.8)
      concurrent-ruby (~> 1.0)
    jwt (2.2.3)
    memoist (0.16.2)
    method_source (1.0.0)
    minitest (5.14.4)
    multi_json (1.15.0)
    multipart-post (2.1.1)
    nio4r (2.5.7)
    os (1.1.1)
    pry (0.14.1)
      coderay (~> 1.1)
      method_source (~> 1.0)
    public_suffix (4.0.6)
    puma (4.3.8)
      nio4r (~> 2.0)
    rack (2.2.3)
    require_all (3.0.0)
    ruby2_keywords (0.0.4)
    signet (0.15.0)
      addressable (~> 2.3)
      faraday (>= 0.17.3, < 2.0)
      jwt (>= 1.5, < 3.0)
      multi_json (~> 1.10)
    terminal-table (3.0.1)
      unicode-display_width (>= 1.1.1, < 3)
    unicode-display_width (2.0.0)
    wikipedia-client (1.14.0)
      addressable (~> 2.7)

PLATFORMS
  ruby
  x86_64-darwin-19

DEPENDENCIES
  activesupport-inflector
  date
  functions_framework (~> 0.9)
  google-cloud-language
  i18n
  minitest
  pry
  require_all
  terminal-table
  wikipedia-client

BUNDLED WITH
   2.2.17
